GEM
  remote: http://rubygems.org/
  specs:
    minitest (5.8.4)
    rake (11.3.0)

PLATFORMS
  ruby

DEPENDENCIES
  minitest (= 5.8.4)
  rake (= 11.3.0)

BUNDLED WITH
   1.10.6
